PATH
  remote: .
  specs:
    js-test-driver-rails (0.3.1)
      json
      rake

GEM
  remote: http://rubygems.org/
  specs:
    json (1.4.6)
    mocha (0.9.9)
      rake
    rake (0.8.7)

PLATFORMS
  ruby

DEPENDENCIES
  js-test-driver-rails!
  mocha
