GEM
  remote: http://rubygems.org/
  specs:
    git (1.2.5)
    jeweler (1.5.1)
      bundler (~> 1.0.0)
      git (>= 1.2.5)
      rake
    json (1.4.6)
    mocha (0.9.9)
      rake
    rake (0.8.7)

PLATFORMS
  ruby

DEPENDENCIES
  bundler
  jeweler
  json
  mocha
  rake
